GEM
  remote: https://rubygems.org/
  specs:
    httparty (0.11.0)
      multi_json (~> 1.0)
      multi_xml (>= 0.5.2)
    json (2.3.0)
    multi_json (1.7.7)
    multi_xml (0.5.4)
    paint (0.8.6)

PLATFORMS
  ruby

DEPENDENCIES
  httparty
  json
  paint
