GEM
  remote: https://rubygems.org/
  specs:
    httparty (0.21.0)
      mini_mime (>= 1.0.0)
      multi_xml (>= 0.5.2)
    json (1.8.0)
    mini_mime (1.1.2)
    multi_xml (0.6.0)
    paint (0.8.6)

PLATFORMS
  ruby

DEPENDENCIES
  httparty
  json
  paint
